NUGET
  remote: https://www.nuget.org/api/v2
    Argu (3.2)
    DotNet.Contracts (1.10.20606.1)
    DotParser (1.0.6)
      FSharp.Core
      FSharpx.Collections.Experimental
    FSharp.Core (4.0.0.1) - redirects: force
    FSharp.Quotations.Evaluator (1.0.7)
    FSharp.TypeProviders.StarterPack (1.1.3.88)
    FSharpx.Collections (1.15.1) - redirects: force
      FSharp.Core
    FSharpx.Collections.Experimental (1.15.1) - redirects: force
      FSharp.Core
      FSharpx.Collections (>= 1.15.1)
    Mono.Addins (1.3.3)
    NuGet.CommandLine (3.5)
    NUnit (2.6.3)
    OpenCL.Net (2.2.9)
    YC.PrettyPrinter (0.0.5)
      FSharp.Core
    YC.QuickGraph (3.7.3)
      DotNet.Contracts
      DotParser (>= 1.0.6)
      FSharp.Core
    YC.SDK (0.1.1)
    YC.SDK.Runtime (0.1.1)
      Argu (>= 3.2)
      FSharp.Core (>= 4.0)
      FSharpx.Collections.Experimental (>= 1.15.1)
      Mono.Addins (>= 1.2)
      YC.PrettyPrinter (>= 0.0.5)
      YC.QuickGraph (>= 3.7.3)
      YC.Utils.SourceText (>= 0.3.0.1)
    YC.Utils.SourceText (0.3.0.1)
      FSharp.Core (4.0.0.1)

GROUP Build
NUGET
  remote: https://www.nuget.org/api/v2
    FAKE (4.61.3)
    FSharp.Compiler.Service (2.0.0.6)
    FSharp.Formatting (2.14.4)
      FSharp.Compiler.Service (2.0.0.6)
      FSharpVSPowerTools.Core (>= 2.3 < 2.4)
    FSharpVSPowerTools.Core (2.3)
      FSharp.Compiler.Service (>= 2.0.0.3)
    Microsoft.Bcl (1.1.10) - framework: net10, net11, net20, net30, net35, net40, net40-full
      Microsoft.Bcl.Build (>= 1.0.14)
    Microsoft.Bcl.Build (1.0.21) - import_targets: false, framework: net10, net11, net20, net30, net35, net40, net40-full
    Microsoft.Net.Http (2.2.29) - framework: net10, net11, net20, net30, net35, net40, net40-full
      Microsoft.Bcl (>= 1.1.10)
      Microsoft.Bcl.Build (>= 1.0.14)
    Octokit (0.24)
      Microsoft.Net.Http  - framework: net10, net11, net20, net30, net35, net40, net40-full
    SourceLink.Fake (1.1)
GITHUB
  remote: fsharp/FAKE
    modules/Octokit/Octokit.fsx (15e1b741f4ae9fbaad640a65231dfcec28ce6ddd)
      Octokit (>= 0.20)
GROUP Test
NUGET
  remote: https://www.nuget.org/api/v2
    NUnit (2.6.4)
    NUnit.Runners (2.6.4)
