STORAGE: NONE
RESTRICTION: == net7.0
NUGET
  remote: https://www.nuget.org/api/v2
    altcover (7.6.812)
    BenchmarkDotNet (0.13.3)
      BenchmarkDotNet.Annotations (>= 0.13.3)
      CommandLineParser (>= 2.4.3)
      Gee.External.Capstone (>= 2.3)
      Iced (>= 1.17)
      Microsoft.CodeAnalysis.CSharp (>= 3.0)
      Microsoft.Diagnostics.Runtime (>= 2.2.332302)
      Microsoft.Diagnostics.Tracing.TraceEvent (>= 3.0.2)
      Microsoft.DotNet.PlatformAbstractions (>= 3.1.6)
      Perfolizer (>= 0.2.1)
      System.Management (>= 6.0)
    BenchmarkDotNet.Annotations (0.13.3)
    CommandLineParser (2.9.1)
    Expecto (9.0.4)
      FSharp.Core (>= 4.6)
      Mono.Cecil (>= 0.11.3)
    Expecto.FsCheck (9.0.4)
      Expecto (>= 9.0.4)
      FsCheck (>= 2.14.3)
    ExtraConstraints.Fody (1.14)
      Fody (>= 6.0)
      NETStandard.Library (>= 1.6.1)
    Fody (6.6.4)
    FsCheck (2.16.5)
      FSharp.Core (>= 4.2.3)
    FSCL.Compiler (2.0.1)
    FSCL.Runtime (2.0.1)
      FSCL.Compiler
    FSharp.Core (7.0)
    FSharp.Quotations.Evaluator (2.1)
      FSharp.Core (>= 4.3.1)
    FSharpx.Collections (3.1)
      FSharp.Core (>= 4.3.4)
    FSharpx.Text.StructuredFormat (3.1)
      FSharp.Core (>= 4.6.2)
    Gee.External.Capstone (2.3)
    Iced (1.18)
    ILGPU (1.1)
      System.Collections.Immutable (>= 6.0)
      System.Memory (>= 4.5.4)
      System.Reflection.Metadata (>= 6.0.1)
      System.Runtime.CompilerServices.Unsafe (>= 6.0)
    Microsoft.Bcl.AsyncInterfaces (7.0)
    Microsoft.Build.Framework (16.10)
      System.Security.Permissions (>= 4.7)
    Microsoft.Build.Tasks.Git (1.1.1) - copy_local: true
    Microsoft.CodeAnalysis.Analyzers (3.3.3)
    Microsoft.CodeAnalysis.Common (4.4)
      Microsoft.CodeAnalysis.Analyzers (>= 3.3.3)
      System.Collections.Immutable (>= 6.0)
      System.Memory (>= 4.5.5)
      System.Reflection.Metadata (>= 5.0)
      System.Runtime.CompilerServices.Unsafe (>= 6.0)
      System.Text.Encoding.CodePages (>= 6.0)
      System.Threading.Tasks.Extensions (>= 4.5.4)
    Microsoft.CodeAnalysis.CSharp (4.4)
      Microsoft.CodeAnalysis.Common (4.4)
    Microsoft.CodeCoverage (17.4.1)
    Microsoft.Diagnostics.NETCore.Client (0.2.351802)
      Microsoft.Bcl.AsyncInterfaces (>= 1.1)
      Microsoft.Extensions.Logging (>= 2.1.1)
    Microsoft.Diagnostics.Runtime (2.2.343001)
      Microsoft.Diagnostics.NETCore.Client (>= 0.2.251802)
      System.Collections.Immutable (>= 5.0)
      System.Runtime.CompilerServices.Unsafe (>= 5.0)
    Microsoft.Diagnostics.Tracing.TraceEvent (3.0.6)
      System.Runtime.CompilerServices.Unsafe (>= 5.0)
    Microsoft.DotNet.PlatformAbstractions (3.1.6)
    Microsoft.Extensions.DependencyInjection (7.0)
      Microsoft.Extensions.DependencyInjection.Abstractions (>= 7.0)
    Microsoft.Extensions.DependencyInjection.Abstractions (7.0)
    Microsoft.Extensions.Logging (7.0)
      Microsoft.Extensions.DependencyInjection (>= 7.0)
      Microsoft.Extensions.DependencyInjection.Abstractions (>= 7.0)
      Microsoft.Extensions.Logging.Abstractions (>= 7.0)
      Microsoft.Extensions.Options (>= 7.0)
    Microsoft.Extensions.Logging.Abstractions (7.0)
    Microsoft.Extensions.Options (7.0)
      Microsoft.Extensions.DependencyInjection.Abstractions (>= 7.0)
      Microsoft.Extensions.Primitives (>= 7.0)
    Microsoft.Extensions.Primitives (7.0)
    Microsoft.NET.Test.Sdk (16.8)
      Microsoft.CodeCoverage (>= 16.8)
      Microsoft.TestPlatform.TestHost (>= 16.8)
    Microsoft.NETCore.Platforms (7.0)
    Microsoft.SourceLink.Common (1.1.1) - copy_local: true
    Microsoft.SourceLink.GitHub (1.0) - copy_local: true
      Microsoft.Build.Tasks.Git (>= 1.0)
      Microsoft.SourceLink.Common (>= 1.0)
    Microsoft.TestPlatform.ObjectModel (17.4.1)
      NuGet.Frameworks (>= 5.11)
      System.Reflection.Metadata (>= 1.6)
    Microsoft.TestPlatform.TestHost (17.4.1)
      Microsoft.TestPlatform.ObjectModel (>= 17.4.1)
      Newtonsoft.Json (>= 13.0.1)
    Microsoft.Win32.SystemEvents (7.0)
    Mono.Cecil (0.11.4)
    NETStandard.Library (2.0.3)
      Microsoft.NETCore.Platforms (>= 1.1)
    Newtonsoft.Json (13.0.2)
    NuGet.Frameworks (6.4)
    Perfolizer (0.2.1)
      System.Memory (>= 4.5.3)
    System.CodeDom (7.0)
    System.Collections.Immutable (7.0)
    System.Drawing.Common (7.0)
      Microsoft.Win32.SystemEvents (>= 7.0)
    System.Management (7.0)
      System.CodeDom (>= 7.0)
    System.Memory (4.5.5)
    System.Reflection.Metadata (7.0)
      System.Collections.Immutable (>= 7.0)
    System.Runtime.CompilerServices.Unsafe (6.0)
    System.Security.Permissions (7.0)
      System.Windows.Extensions (>= 7.0)
    System.Text.Encoding.CodePages (7.0)
    System.Threading.Tasks.Extensions (4.5.4)
    System.Windows.Extensions (7.0)
      System.Drawing.Common (>= 7.0)
    YoloDev.Expecto.TestSdk (0.13.3)
      Expecto (>= 9.0 < 10.0)
      FSharp.Core (>= 4.6.2)
      System.Collections.Immutable (>= 6.0)

GROUP Build
STORAGE: NONE
RESTRICTION: == net7.0
NUGET
  remote: https://www.nuget.org/api/v2
    Argu (6.1.1)
      FSharp.Core (>= 4.3.2)
      System.Configuration.ConfigurationManager (>= 4.4)
    BlackFox.VsWhere (1.1)
      FSharp.Core (>= 4.2.3)
      Microsoft.Win32.Registry (>= 4.7)
    Fake.Api.GitHub (6.0.0-beta001)
      FSharp.Core (>= 6.0.3)
      Octokit (>= 0.50)
    Fake.BuildServer.GitHubActions (6.0.0-beta001)
      Fake.Core.Environment (>= 6.0.0-beta001)
      Fake.Core.Trace (>= 6.0.0-beta001)
      FSharp.Core (>= 6.0.3)
    Fake.Core.CommandLineParsing (6.0.0-beta001)
      FParsec (>= 1.1.1)
      FSharp.Core (>= 6.0.3)
    Fake.Core.Context (6.0.0-beta001)
      FSharp.Core (>= 6.0.3)
    Fake.Core.Environment (6.0.0-beta001)
      FSharp.Core (>= 6.0.3)
    Fake.Core.FakeVar (6.0.0-beta001)
      Fake.Core.Context (>= 6.0.0-beta001)
      FSharp.Core (>= 6.0.3)
    Fake.Core.Process (6.0.0-beta001)
      Fake.Core.Environment (>= 6.0.0-beta001)
      Fake.Core.FakeVar (>= 6.0.0-beta001)
      Fake.Core.String (>= 6.0.0-beta001)
      Fake.Core.Trace (>= 6.0.0-beta001)
      Fake.IO.FileSystem (>= 6.0.0-beta001)
      FSharp.Core (>= 6.0.3)
      System.Collections.Immutable (>= 6.0)
    Fake.Core.ReleaseNotes (6.0.0-beta001)
      Fake.Core.SemVer (>= 6.0.0-beta001)
      Fake.Core.String (>= 6.0.0-beta001)
      FSharp.Core (>= 6.0.3)
    Fake.Core.SemVer (6.0.0-beta001)
      FSharp.Core (>= 6.0.3)
    Fake.Core.String (6.0.0-beta001)
      FSharp.Core (>= 6.0.3)
    Fake.Core.Target (6.0.0-beta001)
      Fake.Core.CommandLineParsing (>= 6.0.0-beta001)
      Fake.Core.Context (>= 6.0.0-beta001)
      Fake.Core.Environment (>= 6.0.0-beta001)
      Fake.Core.FakeVar (>= 6.0.0-beta001)
      Fake.Core.Process (>= 6.0.0-beta001)
      Fake.Core.String (>= 6.0.0-beta001)
      Fake.Core.Trace (>= 6.0.0-beta001)
      FSharp.Control.Reactive (>= 5.0.2)
      FSharp.Core (>= 6.0.3)
    Fake.Core.Tasks (6.0.0-beta001)
      Fake.Core.Trace (>= 6.0.0-beta001)
      FSharp.Core (>= 6.0.3)
    Fake.Core.Trace (6.0.0-beta001)
      Fake.Core.Environment (>= 6.0.0-beta001)
      Fake.Core.FakeVar (>= 6.0.0-beta001)
      FSharp.Core (>= 6.0.3)
    Fake.Core.Xml (6.0.0-beta001)
      Fake.Core.String (>= 6.0.0-beta001)
      FSharp.Core (>= 6.0.3)
    Fake.DotNet.AssemblyInfoFile (6.0.0-beta001)
      Fake.Core.Environment (>= 6.0.0-beta001)
      Fake.Core.String (>= 6.0.0-beta001)
      Fake.Core.Trace (>= 6.0.0-beta001)
      Fake.IO.FileSystem (>= 6.0.0-beta001)
      FSharp.Core (>= 6.0.3)
    Fake.DotNet.Cli (6.0.0-beta001)
      Fake.Core.Environment (>= 6.0.0-beta001)
      Fake.Core.Process (>= 6.0.0-beta001)
      Fake.Core.String (>= 6.0.0-beta001)
      Fake.Core.Trace (>= 6.0.0-beta001)
      Fake.DotNet.MSBuild (>= 6.0.0-beta001)
      Fake.DotNet.NuGet (>= 6.0.0-beta001)
      Fake.IO.FileSystem (>= 6.0.0-beta001)
      FSharp.Core (>= 6.0.3)
      Mono.Posix.NETStandard (>= 1.0)
      Newtonsoft.Json (>= 13.0.1)
    Fake.DotNet.MSBuild (6.0.0-beta001)
      BlackFox.VsWhere (>= 1.1)
      Fake.Core.Environment (>= 6.0.0-beta001)
      Fake.Core.Process (>= 6.0.0-beta001)
      Fake.Core.String (>= 6.0.0-beta001)
      Fake.Core.Trace (>= 6.0.0-beta001)
      Fake.IO.FileSystem (>= 6.0.0-beta001)
      FSharp.Core (>= 6.0.3)
      MSBuild.StructuredLogger (>= 2.1.545)
    Fake.DotNet.NuGet (6.0.0-beta001)
      Fake.Core.Environment (>= 6.0.0-beta001)
      Fake.Core.Process (>= 6.0.0-beta001)
      Fake.Core.SemVer (>= 6.0.0-beta001)
      Fake.Core.String (>= 6.0.0-beta001)
      Fake.Core.Tasks (>= 6.0.0-beta001)
      Fake.Core.Trace (>= 6.0.0-beta001)
      Fake.Core.Xml (>= 6.0.0-beta001)
      Fake.IO.FileSystem (>= 6.0.0-beta001)
      Fake.Net.Http (>= 6.0.0-beta001)
      FSharp.Core (>= 6.0.3)
      Newtonsoft.Json (>= 13.0.1)
      NuGet.Protocol (>= 6.0)
    Fake.DotNet.Paket (6.0.0-beta001)
      Fake.Core.Process (>= 6.0.0-beta001)
      Fake.Core.String (>= 6.0.0-beta001)
      Fake.Core.Trace (>= 6.0.0-beta001)
      Fake.DotNet.Cli (>= 6.0.0-beta001)
      Fake.IO.FileSystem (>= 6.0.0-beta001)
      FSharp.Core (>= 6.0.3)
    Fake.IO.FileSystem (6.0.0-beta001)
      Fake.Core.String (>= 6.0.0-beta001)
      Fake.Core.Trace (>= 6.0.0-beta001)
      FSharp.Core (>= 6.0.3)
    Fake.Net.Http (6.0.0-beta001)
      Fake.Core.Trace (>= 6.0.0-beta001)
      FSharp.Core (>= 6.0.3)
    Fake.Tools.Git (6.0.0-beta001)
      Fake.Core.Environment (>= 6.0.0-beta001)
      Fake.Core.Process (>= 6.0.0-beta001)
      Fake.Core.SemVer (>= 6.0.0-beta001)
      Fake.Core.String (>= 6.0.0-beta001)
      Fake.Core.Trace (>= 6.0.0-beta001)
      Fake.IO.FileSystem (>= 6.0.0-beta001)
      FSharp.Core (>= 6.0.3)
    fantomas (5.1.5)
    FParsec (1.1.1)
      FSharp.Core (>= 4.3.4)
    FSharp.Control.Reactive (5.0.5)
      FSharp.Core (>= 4.7.2)
      System.Reactive (>= 5.0 < 6.0)
    FSharp.Core (7.0)
    Microsoft.Build (17.4)
      Microsoft.Build.Framework (>= 17.4)
      Microsoft.NET.StringTools (>= 17.4)
      System.Collections.Immutable (>= 6.0)
      System.Configuration.ConfigurationManager (>= 6.0)
      System.Reflection.Metadata (>= 6.0)
      System.Reflection.MetadataLoadContext (>= 6.0)
      System.Security.Principal.Windows (>= 5.0)
      System.Text.Encoding.CodePages (>= 6.0)
      System.Text.Json (>= 6.0)
      System.Threading.Tasks.Dataflow (>= 6.0)
    Microsoft.Build.Framework (17.4)
      System.Security.Permissions (>= 6.0)
    Microsoft.Build.Tasks.Core (17.4)
      Microsoft.Build.Framework (>= 17.4)
      Microsoft.Build.Utilities.Core (>= 17.4)
      Microsoft.NET.StringTools (>= 17.4)
      System.CodeDom (>= 6.0)
      System.Collections.Immutable (>= 6.0)
      System.Reflection.Metadata (>= 6.0)
      System.Resources.Extensions (>= 6.0)
      System.Security.Cryptography.Pkcs (>= 6.0.1)
      System.Security.Cryptography.Xml (>= 6.0)
      System.Security.Permissions (>= 6.0)
      System.Threading.Tasks.Dataflow (>= 6.0)
    Microsoft.Build.Utilities.Core (17.4)
      Microsoft.Build.Framework (>= 17.4)
      Microsoft.NET.StringTools (>= 17.4)
      System.Collections.Immutable (>= 6.0)
      System.Configuration.ConfigurationManager (>= 6.0)
    Microsoft.NET.StringTools (17.4)
      System.Memory (>= 4.5.5)
      System.Runtime.CompilerServices.Unsafe (>= 6.0)
    Microsoft.Win32.Registry (5.0)
      System.Security.AccessControl (>= 5.0)
      System.Security.Principal.Windows (>= 5.0)
    Microsoft.Win32.SystemEvents (7.0)
    Mono.Posix.NETStandard (1.0)
    MSBuild.StructuredLogger (2.1.758)
      Microsoft.Build (>= 16.10)
      Microsoft.Build.Framework (>= 16.10)
      Microsoft.Build.Tasks.Core (>= 16.10)
      Microsoft.Build.Utilities.Core (>= 16.10)
    Newtonsoft.Json (13.0.2)
    NuGet.Common (6.4)
      NuGet.Frameworks (>= 6.4)
    NuGet.Configuration (6.4)
      NuGet.Common (>= 6.4)
      System.Security.Cryptography.ProtectedData (>= 4.4)
    NuGet.Frameworks (6.4)
    NuGet.Packaging (6.4)
      Newtonsoft.Json (>= 13.0.1)
      NuGet.Configuration (>= 6.4)
      NuGet.Versioning (>= 6.4)
      System.Security.Cryptography.Cng (>= 5.0)
      System.Security.Cryptography.Pkcs (>= 5.0)
    NuGet.Protocol (6.4)
      NuGet.Packaging (>= 6.4)
    NuGet.Versioning (6.4)
    Octokit (4.0.3)
    System.CodeDom (7.0)
    System.Collections.Immutable (7.0)
    System.Configuration.ConfigurationManager (7.0)
      System.Diagnostics.EventLog (>= 7.0)
      System.Security.Cryptography.ProtectedData (>= 7.0)
      System.Security.Permissions (>= 7.0)
    System.Diagnostics.EventLog (7.0)
    System.Drawing.Common (7.0)
      Microsoft.Win32.SystemEvents (>= 7.0)
    System.Formats.Asn1 (7.0)
    System.Memory (4.5.5)
    System.Reactive (5.0)
    System.Reflection.Metadata (7.0)
      System.Collections.Immutable (>= 7.0)
    System.Reflection.MetadataLoadContext (7.0)
      System.Collections.Immutable (>= 7.0)
      System.Reflection.Metadata (>= 7.0)
    System.Resources.Extensions (7.0)
    System.Runtime.CompilerServices.Unsafe (6.0)
    System.Security.AccessControl (6.0)
    System.Security.Cryptography.Cng (5.0)
      System.Formats.Asn1 (>= 5.0)
    System.Security.Cryptography.Pkcs (7.0)
      System.Formats.Asn1 (>= 7.0)
    System.Security.Cryptography.ProtectedData (7.0)
    System.Security.Cryptography.Xml (7.0)
      System.Security.Cryptography.Pkcs (>= 7.0)
    System.Security.Permissions (7.0)
      System.Windows.Extensions (>= 7.0)
    System.Security.Principal.Windows (5.0)
    System.Text.Encoding.CodePages (7.0)
    System.Text.Encodings.Web (7.0)
    System.Text.Json (7.0.1)
      System.Text.Encodings.Web (>= 7.0)
    System.Threading.Tasks.Dataflow (7.0)
    System.Windows.Extensions (7.0)
      System.Drawing.Common (>= 7.0)

GROUP Docs
STORAGE: NONE
RESTRICTION: == net7.0
NUGET
  remote: https://www.nuget.org/api/v2
    Argu (6.1.1)
      FSharp.Core (>= 4.3.2)
      System.Configuration.ConfigurationManager (>= 4.4)
    BlackFox.VsWhere (1.1)
      FSharp.Core (>= 4.2.3)
      Microsoft.Win32.Registry (>= 4.7)
    Fable.Browser.Blob (1.2)
      Fable.Core (>= 3.0)
      FSharp.Core (>= 4.7.2)
    Fable.Browser.Dom (2.10.1)
      Fable.Browser.Blob (>= 1.2)
      Fable.Browser.Event (>= 1.5)
      Fable.Browser.WebStorage (>= 1.1)
      Fable.Core (>= 3.2.8)
      FSharp.Core (>= 4.7.2)
    Fable.Browser.Event (1.5)
      Fable.Browser.Gamepad (>= 1.1)
      Fable.Core (>= 3.0)
      FSharp.Core (>= 4.7.2)
    Fable.Browser.Gamepad (1.1)
      Fable.Core (>= 3.0)
      FSharp.Core (>= 4.7.2)
    Fable.Browser.WebStorage (1.1)
      Fable.Browser.Event (>= 1.5)
      Fable.Core (>= 3.0)
      FSharp.Core (>= 4.7.2)
    Fable.Core (3.7.1)
    Fable.React (9.1)
      Fable.React.Types (>= 18.1)
      Fable.ReactDom.Types (>= 18.0)
      FSharp.Core (>= 4.7.2)
    Fable.React.Types (18.1)
      Fable.Browser.Dom (>= 2.4.4)
      Fable.Core (>= 3.2.7)
      FSharp.Core (>= 4.7.2)
    Fable.ReactDom.Types (18.0)
      Fable.React.Types (>= 18.1)
      FSharp.Core (>= 4.7.2)
    Fake.Core.Context (6.0.0-beta001)
      FSharp.Core (>= 6.0.3)
    Fake.Core.Environment (6.0.0-beta001)
      FSharp.Core (>= 6.0.3)
    Fake.Core.FakeVar (6.0.0-beta001)
      Fake.Core.Context (>= 6.0.0-beta001)
      FSharp.Core (>= 6.0.3)
    Fake.Core.Process (6.0.0-beta001)
      Fake.Core.Environment (>= 6.0.0-beta001)
      Fake.Core.FakeVar (>= 6.0.0-beta001)
      Fake.Core.String (>= 6.0.0-beta001)
      Fake.Core.Trace (>= 6.0.0-beta001)
      Fake.IO.FileSystem (>= 6.0.0-beta001)
      FSharp.Core (>= 6.0.3)
      System.Collections.Immutable (>= 6.0)
    Fake.Core.SemVer (6.0.0-beta001)
      FSharp.Core (>= 6.0.3)
    Fake.Core.String (6.0.0-beta001)
      FSharp.Core (>= 6.0.3)
    Fake.Core.Tasks (6.0.0-beta001)
      Fake.Core.Trace (>= 6.0.0-beta001)
      FSharp.Core (>= 6.0.3)
    Fake.Core.Trace (6.0.0-beta001)
      Fake.Core.Environment (>= 6.0.0-beta001)
      Fake.Core.FakeVar (>= 6.0.0-beta001)
      FSharp.Core (>= 6.0.3)
    Fake.Core.Xml (6.0.0-beta001)
      Fake.Core.String (>= 6.0.0-beta001)
      FSharp.Core (>= 6.0.3)
    Fake.DotNet.Cli (6.0.0-beta001)
      Fake.Core.Environment (>= 6.0.0-beta001)
      Fake.Core.Process (>= 6.0.0-beta001)
      Fake.Core.String (>= 6.0.0-beta001)
      Fake.Core.Trace (>= 6.0.0-beta001)
      Fake.DotNet.MSBuild (>= 6.0.0-beta001)
      Fake.DotNet.NuGet (>= 6.0.0-beta001)
      Fake.IO.FileSystem (>= 6.0.0-beta001)
      FSharp.Core (>= 6.0.3)
      Mono.Posix.NETStandard (>= 1.0)
      Newtonsoft.Json (>= 13.0.1)
    Fake.DotNet.MSBuild (6.0.0-beta001)
      BlackFox.VsWhere (>= 1.1)
      Fake.Core.Environment (>= 6.0.0-beta001)
      Fake.Core.Process (>= 6.0.0-beta001)
      Fake.Core.String (>= 6.0.0-beta001)
      Fake.Core.Trace (>= 6.0.0-beta001)
      Fake.IO.FileSystem (>= 6.0.0-beta001)
      FSharp.Core (>= 6.0.3)
      MSBuild.StructuredLogger (>= 2.1.545)
    Fake.DotNet.NuGet (6.0.0-beta001)
      Fake.Core.Environment (>= 6.0.0-beta001)
      Fake.Core.Process (>= 6.0.0-beta001)
      Fake.Core.SemVer (>= 6.0.0-beta001)
      Fake.Core.String (>= 6.0.0-beta001)
      Fake.Core.Tasks (>= 6.0.0-beta001)
      Fake.Core.Trace (>= 6.0.0-beta001)
      Fake.Core.Xml (>= 6.0.0-beta001)
      Fake.IO.FileSystem (>= 6.0.0-beta001)
      Fake.Net.Http (>= 6.0.0-beta001)
      FSharp.Core (>= 6.0.3)
      Newtonsoft.Json (>= 13.0.1)
      NuGet.Protocol (>= 6.0)
    Fake.IO.FileSystem (6.0.0-beta001)
      Fake.Core.String (>= 6.0.0-beta001)
      Fake.Core.Trace (>= 6.0.0-beta001)
      FSharp.Core (>= 6.0.3)
    Fake.Net.Http (6.0.0-beta001)
      Fake.Core.Trace (>= 6.0.0-beta001)
      FSharp.Core (>= 6.0.3)
    FSharp.Compiler.Service (42.7.101)
      FSharp.Core (7.0)
      Microsoft.Build.Framework (>= 17.4)
      Microsoft.Build.Tasks.Core (>= 17.4)
      Microsoft.Build.Utilities.Core (>= 17.4)
      System.Buffers (>= 4.5.1)
      System.Collections.Immutable (>= 6.0)
      System.Memory (>= 4.5.5)
      System.Reflection.Emit (>= 4.7)
      System.Reflection.Metadata (>= 6.0)
      System.Runtime.CompilerServices.Unsafe (>= 6.0)
    FSharp.Core (7.0)
    FSharp.Formatting (4.0.0-rc1)
      FSharp.Compiler.Service (>= 34.1)
    FSharp.Literate (4.1)
      FSharp.Compiler.Service (>= 35.0)
      FSharp.Core (>= 4.7)
    Microsoft.Build (17.4)
      Microsoft.Build.Framework (>= 17.4)
      Microsoft.NET.StringTools (>= 17.4)
      System.Collections.Immutable (>= 6.0)
      System.Configuration.ConfigurationManager (>= 6.0)
      System.Reflection.Metadata (>= 6.0)
      System.Reflection.MetadataLoadContext (>= 6.0)
      System.Security.Principal.Windows (>= 5.0)
      System.Text.Encoding.CodePages (>= 6.0)
      System.Text.Json (>= 6.0)
      System.Threading.Tasks.Dataflow (>= 6.0)
    Microsoft.Build.Framework (17.4)
      System.Security.Permissions (>= 6.0)
    Microsoft.Build.Tasks.Core (17.4)
      Microsoft.Build.Framework (>= 17.4)
      Microsoft.Build.Utilities.Core (>= 17.4)
      Microsoft.NET.StringTools (>= 17.4)
      System.CodeDom (>= 6.0)
      System.Collections.Immutable (>= 6.0)
      System.Reflection.Metadata (>= 6.0)
      System.Resources.Extensions (>= 6.0)
      System.Security.Cryptography.Pkcs (>= 6.0.1)
      System.Security.Cryptography.Xml (>= 6.0)
      System.Security.Permissions (>= 6.0)
      System.Threading.Tasks.Dataflow (>= 6.0)
    Microsoft.Build.Utilities.Core (17.4)
      Microsoft.Build.Framework (>= 17.4)
      Microsoft.NET.StringTools (>= 17.4)
      System.Collections.Immutable (>= 6.0)
      System.Configuration.ConfigurationManager (>= 6.0)
    Microsoft.NET.StringTools (17.4)
      System.Memory (>= 4.5.5)
      System.Runtime.CompilerServices.Unsafe (>= 6.0)
    Microsoft.Win32.Registry (5.0)
      System.Security.AccessControl (>= 5.0)
      System.Security.Principal.Windows (>= 5.0)
    Microsoft.Win32.SystemEvents (7.0)
    Mono.Posix.NETStandard (1.0)
    MSBuild.StructuredLogger (2.1.758)
      Microsoft.Build (>= 16.10)
      Microsoft.Build.Framework (>= 16.10)
      Microsoft.Build.Tasks.Core (>= 16.10)
      Microsoft.Build.Utilities.Core (>= 16.10)
    Newtonsoft.Json (13.0.2)
    NuGet.Common (6.4)
      NuGet.Frameworks (>= 6.4)
    NuGet.Configuration (6.4)
      NuGet.Common (>= 6.4)
      System.Security.Cryptography.ProtectedData (>= 4.4)
    NuGet.Frameworks (6.4)
    NuGet.Packaging (6.4)
      Newtonsoft.Json (>= 13.0.1)
      NuGet.Configuration (>= 6.4)
      NuGet.Versioning (>= 6.4)
      System.Security.Cryptography.Cng (>= 5.0)
      System.Security.Cryptography.Pkcs (>= 5.0)
    NuGet.Protocol (6.4)
      NuGet.Packaging (>= 6.4)
    NuGet.Versioning (6.4)
    System.Buffers (4.5.1)
    System.CodeDom (7.0)
    System.Collections.Immutable (7.0)
    System.Configuration.ConfigurationManager (7.0)
      System.Diagnostics.EventLog (>= 7.0)
      System.Security.Cryptography.ProtectedData (>= 7.0)
      System.Security.Permissions (>= 7.0)
    System.Diagnostics.EventLog (7.0)
    System.Drawing.Common (7.0)
      Microsoft.Win32.SystemEvents (>= 7.0)
    System.Formats.Asn1 (7.0)
    System.Memory (4.5.5)
    System.Reflection.Emit (4.7)
    System.Reflection.Metadata (7.0)
      System.Collections.Immutable (>= 7.0)
    System.Reflection.MetadataLoadContext (7.0)
      System.Collections.Immutable (>= 7.0)
      System.Reflection.Metadata (>= 7.0)
    System.Resources.Extensions (7.0)
    System.Runtime.CompilerServices.Unsafe (6.0)
    System.Security.AccessControl (6.0)
    System.Security.Cryptography.Cng (5.0)
      System.Formats.Asn1 (>= 5.0)
    System.Security.Cryptography.Pkcs (7.0)
      System.Formats.Asn1 (>= 7.0)
    System.Security.Cryptography.ProtectedData (7.0)
    System.Security.Cryptography.Xml (7.0)
      System.Security.Cryptography.Pkcs (>= 7.0)
    System.Security.Permissions (7.0)
      System.Windows.Extensions (>= 7.0)
    System.Security.Principal.Windows (5.0)
    System.Text.Encoding.CodePages (7.0)
    System.Text.Encodings.Web (7.0)
    System.Text.Json (7.0.1)
      System.Text.Encodings.Web (>= 7.0)
    System.Threading.Tasks.Dataflow (7.0)
    System.Windows.Extensions (7.0)
      System.Drawing.Common (>= 7.0)
